GEM
  specs:
    aws-sdk (1.5.5)
      httparty (~> 0.7)
      json (~> 1.4)
      nokogiri (>= 1.4.4)
      uuidtools (~> 2.1)
    httparty (0.8.1)
      multi_json
      multi_xml
    json (1.7.3)
    multi_json (1.3.5)
    multi_xml (0.4.1)
    nokogiri (1.5.0)
    uuidtools (2.1.2)

PLATFORMS
  ruby

DEPENDENCIES
  aws-sdk
